GEM
  remote: https://rubygems.org/
  specs:
    rubyzip (0.9.9)

PLATFORMS
  ruby

DEPENDENCIES
  rubyzip
